PATH
  remote: .
  specs:
    prometheus_remote_write (0.1.0)
      rb_sys (~> 0.9.39)

GEM
  remote: https://rubygems.org/
  specs:
    rake (13.3.0)
    rake-compiler (1.2.9)
      rake
    rake-compiler-dock (1.9.1)
    rb_sys (0.9.115)
      rake-compiler-dock (= 1.9.1)

PLATFORMS
  ruby
  x86_64-linux

DEPENDENCIES
  prometheus_remote_write!
  rake-compiler (~> 1.2.0)

BUNDLED WITH
   2.5.22
